GEM
  remote: https://rubygems.org/
  specs:
    liquid (2.3.0)

PLATFORMS
  ruby

DEPENDENCIES
  liquid
