GEM
  remote: https://rubygems.org/
  specs:
    liquid (2.3.0)
    sass (3.1.16)

PLATFORMS
  ruby

DEPENDENCIES
  liquid
  sass
